GEM
  remote: http://rubygems.org/
  specs:
    faraday (1.0.1)
      multipart-post (>= 1.2, < 3)
    json (2.3.0)
    multipart-post (2.1.1)
    sentry-raven (3.0.0)
      faraday (>= 1.0)

PLATFORMS
  ruby

DEPENDENCIES
  json
  sentry-raven (~> 3.0)

BUNDLED WITH
   2.1.4
